GEM
  remote: https://rubygems.org/
  specs:
    base64 (0.2.0)
    csv (3.3.0)
    httparty (0.22.0)
      csv
      mini_mime (>= 1.0.0)
      multi_xml (>= 0.5.2)
    logger (1.6.0)
    mini_mime (1.1.5)
    multi_xml (0.6.0)
    nokogiri (1.16.6-arm64-darwin)
      racc (~> 1.4)
    racc (1.8.0)
    rexml (3.3.2)
      strscan
    rubyzip (2.3.2)
    selenium-webdriver (4.22.0)
      base64 (~> 0.2)
      logger (~> 1.4)
      rexml (~> 3.2, >= 3.2.5)
      rubyzip (>= 1.2.2, < 3.0)
      websocket (~> 1.0)
    strscan (3.1.0)
    websocket (1.2.11)

PLATFORMS
  arm64-darwin-23

DEPENDENCIES
  httparty
  nokogiri
  selenium-webdriver

BUNDLED WITH
   2.2.33
